PATH
  remote: .
  specs:
    micro_spider (0.1.17)
      capybara
      capybara-webkit
      enumerable-lazy

GEM
  remote: http://rubygems.org/
  specs:
    ansi (1.4.3)
    capybara (2.1.0)
      mime-types (>= 1.16)
      nokogiri (>= 1.3.3)
      rack (>= 1.0.0)
      rack-test (>= 0.5.4)
      xpath (~> 2.0)
    capybara-webkit (1.0.0)
      capybara (~> 2.0, >= 2.0.2)
      json
    coderay (1.0.9)
    enumerable-lazy (0.0.1)
    json (1.8.0)
    method_source (0.8.1)
    mime-types (1.23)
    mini_portile (0.5.1)
    nokogiri (1.6.0)
      mini_portile (~> 0.5.0)
    pry (0.9.12.2)
      coderay (~> 1.0.5)
      method_source (~> 0.8)
      slop (~> 3.4)
    rack (1.5.2)
    rack-protection (1.5.0)
      rack
    rack-test (0.6.2)
      rack (>= 1.0)
    rake (10.1.0)
    sinatra (1.4.3)
      rack (~> 1.4)
      rack-protection (~> 1.4)
      tilt (~> 1.3, >= 1.3.4)
    slop (3.4.5)
    tilt (1.4.1)
    turn (0.9.6)
      ansi
    xpath (2.0.0)
      nokogiri (~> 1.3)
    yard (0.8.6.2)

PLATFORMS
  ruby

DEPENDENCIES
  micro_spider!
  pry
  rake
  sinatra
  turn
  yard
